RESTRICTION: == net45
NUGET
  remote: https://vrvis.myget.org/F/aardvark_public/api/v3/index.json
    Aardvark.Application (3.4.1)
      Aardvark.Base.Incremental (>= 3.0.39 < 3.1)
      Aardvark.Base.Rendering (>= 3.4.1)
      FShade.Core (>= 3.2.11 < 3.3)
      FSharp.Core (>= 4.0 < 4.1)
    Aardvark.Application.WinForms (3.4.1)
      Aardvark.Application (>= 3.4.1)
      Aardvark.Base.Incremental (>= 3.0.39 < 3.1)
      Aardvark.Base.Rendering (>= 3.4.1)
      FShade.Core (>= 3.2.11 < 3.3)
      FSharp.Core (>= 4.0 < 4.1)
    Aardvark.Application.WinForms.GL (3.4.1)
      Aardvark.Application (>= 3.4.1)
      Aardvark.Application.WinForms (>= 3.4.1)
      Aardvark.Base.Incremental (>= 3.0.39 < 3.1)
      Aardvark.Base.Rendering (>= 3.4.1)
      Aardvark.Base.Runtime (>= 3.0.39 < 3.1)
      Aardvark.Rendering.GL (>= 3.4.1)
      FShade.Core (>= 3.2.11 < 3.3)
      FSharp.Core (>= 4.0 < 4.1)
    Aardvark.Base (3.0.40)
      DevILSharp (>= 0.1.1 < 0.2)
    Aardvark.Base.Essentials (3.0.40)
      Aardvark.Base (>= 3.0.40)
      DevILSharp (>= 0.1.1 < 0.2)
      System.Collections.Immutable (>= 1.2)
      System.Reactive.Linq (>= 3.0 < 3.1)
    Aardvark.Base.FSharp (3.0.40)
      Aardvark.Base (>= 3.0.40)
      DevILSharp (>= 0.1.1 < 0.2)
      FSharp.Core (>= 4.0 < 4.1)
    Aardvark.Base.Incremental (3.0.40)
      Aardvark.Base (>= 3.0.40)
      Aardvark.Base.Essentials (>= 3.0.40)
      Aardvark.Base.FSharp (>= 3.0.40)
      DevILSharp (>= 0.1.1 < 0.2)
      FSharp.Core (>= 4.0 < 4.1)
      System.Reactive.Core (>= 3.0 < 3.1)
      System.Reactive.Interfaces (>= 3.0 < 3.1)
      System.Reactive.Linq (>= 3.0 < 3.1)
    Aardvark.Base.Rendering (3.4.1)
      Aardvark.Base.Incremental (>= 3.0.39 < 3.1)
      FShade.Core (>= 3.2.11 < 3.3)
      FSharp.Core (>= 4.0 < 4.1)
    Aardvark.Base.Runtime (3.0.40)
      Aardvark.Base (>= 3.0.40)
      Aardvark.Base.Essentials (>= 3.0.40)
      Aardvark.Base.FSharp (>= 3.0.40)
      Aardvark.Base.Incremental (>= 3.0.40)
      DevILSharp (>= 0.1.1 < 0.2)
      FSharp.Core (>= 4.0 < 4.1)
      System.Reactive.Core (>= 3.0 < 3.1)
      System.Reactive.Interfaces (>= 3.0 < 3.1)
      System.Reactive.Linq (>= 3.0 < 3.1)
    Aardvark.Cef (3.3.38)
      Aardvark.Application (>= 3.4)
      Aardvark.Base (>= 3.0.39 < 3.1)
      Aardvark.Base.FSharp (>= 3.0.39 < 3.1)
      Aardvark.Base.Incremental (>= 3.0.39 < 3.1)
      Aardvark.Base.Rendering (>= 3.4 < 3.5)
      Aardvark.SceneGraph (>= 3.4 < 3.5)
      Another.Unofficial.Xilium.CefGlue (>= 0.0.13 < 0.1)
      Another.Unofficial.Xilium.CefGlue.UnpackNativeDependencies (>= 0.0.13 < 0.1)
      FSharp.Core (>= 4.0 < 4.1)
      FsPickler (>= 4.0 < 4.1)
      FsPickler.Json (>= 4.0 < 4.1)
    Aardvark.Cef.WinForms (3.3.38)
      Aardvark.Application.WinForms.GL (>= 3.4 < 3.5)
      Aardvark.Base (>= 3.0.39 < 3.1)
      Aardvark.Base.FSharp (>= 3.0.39 < 3.1)
      Aardvark.Base.Incremental (>= 3.0.39 < 3.1)
      Aardvark.Base.Rendering (>= 3.4 < 3.5)
      Aardvark.Cef (>= 3.3.38)
      Aardvark.SceneGraph (>= 3.4 < 3.5)
      Another.Unofficial.Xilium.CefGlue (>= 0.0.13 < 0.1)
      Another.Unofficial.Xilium.CefGlue.UnpackNativeDependencies (>= 0.0.13 < 0.1)
      Another.Unofficial.Xilium.CefGlue.WindowsForms (>= 0.0.13 < 0.1)
      FSharp.Core (>= 4.0 < 4.1)
      FsPickler (>= 4.0 < 4.1)
      FsPickler.Json (>= 4.0 < 4.1)
    Aardvark.Compiler.DomainTypes (0.2.8)
      Aardvark.Base.Incremental (>= 3.0.35 < 3.1)
      FSharp.Core (>= 4.0 < 4.1)
    Aardvark.Compiler.DomainTypes.MSBuild (0.2.8)
      Aardvark.Compiler.DomainTypes (0.2.8)
    Aardvark.Rendering.GL (3.4.1)
      Aardvark.Base.Incremental (>= 3.0.39 < 3.1)
      Aardvark.Base.Rendering (>= 3.4.1)
      Aardvark.Base.Runtime (>= 3.0.39 < 3.1)
      FShade (>= 3.2.11 < 3.3)
      FSharp.Core (>= 4.0 < 4.1)
      FSharp.Quotations.Evaluator (>= 1.0.6 < 1.1)
    Aardvark.Rendering.Vulkan (3.4.1)
      Aardvark.Base.Incremental (>= 3.0.39 < 3.1)
      Aardvark.Base.Rendering (>= 3.4.1)
      Aardvark.Base.Runtime (>= 3.0.39 < 3.1)
      FShade (>= 3.2.11 < 3.3)
      FSharp.Core (>= 4.0 < 4.1)
      FSharp.Quotations.Evaluator (>= 1.0.6 < 1.1)
      GLSLangSharp (>= 0.3.8 < 0.4)
    Aardvark.SceneGraph (3.4.1)
      Aardvark.Base.Incremental (>= 3.0.39 < 3.1)
      Aardvark.Base.Rendering (>= 3.4.1)
      FShade.Core (>= 3.2.11 < 3.3)
      FSharp.Core (>= 4.0 < 4.1)
    Aardvark.SceneGraph.IO (3.4.1)
      Aardvark.Base.Incremental (>= 3.0.39 < 3.1)
      Aardvark.Base.Rendering (>= 3.4.1)
      Aardvark.SceneGraph (>= 3.4.1)
      FShade.Core (>= 3.2.11 < 3.3)
      FSharp.Core (>= 4.0 < 4.1)
      Unofficial.AssimpNet (>= 3.3.3 < 3.4)
    Aardvark.Service (3.3.38)
      Aardvark.Application (>= 3.4)
      Aardvark.Base (>= 3.0.39 < 3.1)
      Aardvark.Base.FSharp (>= 3.0.39 < 3.1)
      Aardvark.Base.Incremental (>= 3.0.39 < 3.1)
      Aardvark.Base.Rendering (>= 3.4 < 3.5)
      Aardvark.Rendering.GL (>= 3.4)
      Aardvark.Rendering.Vulkan (>= 3.4 < 3.5)
      FSharp.Core (>= 4.0 < 4.1)
      FsPickler (>= 4.0 < 4.1)
      FsPickler.Json (>= 4.0 < 4.1)
      Suave (>= 2.0.2 < 2.1)
    Aardvark.UI (3.3.38)
      Aardvark.Application (>= 3.4)
      Aardvark.Base (>= 3.0.39 < 3.1)
      Aardvark.Base.FSharp (>= 3.0.39 < 3.1)
      Aardvark.Base.Incremental (>= 3.0.39 < 3.1)
      Aardvark.Base.Rendering (>= 3.4 < 3.5)
      Aardvark.Compiler.DomainTypes (>= 0.2.7 < 0.3)
      Aardvark.Rendering.GL (>= 3.4)
      Aardvark.Rendering.Vulkan (>= 3.4 < 3.5)
      Aardvark.SceneGraph (>= 3.4 < 3.5)
      Aardvark.Service (>= 3.3.38)
      FSharp.Core (>= 4.0 < 4.1)
      FsPickler (>= 4.0 < 4.1)
      FsPickler.Json (>= 4.0 < 4.1)
      Suave (>= 2.0.2 < 2.1)
    Aardvark.UI.Primitives (3.3.38)
      Aardvark.Application (>= 3.4)
      Aardvark.Base (>= 3.0.39 < 3.1)
      Aardvark.Base.FSharp (>= 3.0.39 < 3.1)
      Aardvark.Base.Incremental (>= 3.0.39 < 3.1)
      Aardvark.Base.Rendering (>= 3.4 < 3.5)
      Aardvark.Compiler.DomainTypes.MSBuild (>= 0.2.7 < 0.3)
      Aardvark.SceneGraph (>= 3.4 < 3.5)
      Aardvark.Service (>= 3.3.38)
      Aardvark.UI (>= 3.3.38)
      FSharp.Core (>= 4.0 < 4.1)
      FsPickler (>= 4.0 < 4.1)
      FsPickler.Json (>= 4.0 < 4.1)
    FShade (3.2.11)
      FShade.Core (3.2.11)
      FShade.GLSL (3.2.11)
      FShade.Imperative (3.2.11)
      FShade.SpirV (3.2.11)
    FShade.Core (3.2.11)
      Aardvark.Base (>= 3.0.36 < 3.1)
      Aardvark.Base.FSharp (>= 3.0.36 < 3.1)
      FShade.Imperative (>= 3.2.11)
      FSharp.Core (>= 4.0 < 4.1)
    FShade.GLSL (3.2.11)
      Aardvark.Base (>= 3.0.36 < 3.1)
      Aardvark.Base.FSharp (>= 3.0.36 < 3.1)
      FShade.Core (>= 3.2.11)
      FShade.Imperative (>= 3.2.11)
      FSharp.Core (>= 4.0 < 4.1)
    FShade.Imperative (3.2.11)
      Aardvark.Base (>= 3.0.36 < 3.1)
      Aardvark.Base.FSharp (>= 3.0.36 < 3.1)
      FSharp.Core (>= 4.0 < 4.1)
      FsPickler (>= 4.0 < 4.1)
    FShade.SpirV (3.2.11)
      Aardvark.Base (>= 3.0.36 < 3.1)
      Aardvark.Base.FSharp (>= 3.0.36 < 3.1)
      FShade.Core (>= 3.2.11)
      FShade.Imperative (>= 3.2.11)
      FSharp.Core (>= 4.0 < 4.1)
    GLSLangSharp (0.3.8)
      Aardvark.Base (>= 3.0.35)
      Aardvark.Base.FSharp (>= 3.0.35)
      FSharp.Core (>= 4.0.0.1)
    Unofficial.AssimpNet (3.3.3)
  remote: https://api.nuget.org/v3/index.json
    Another.Unofficial.Xilium.CefGlue (0.0.13)
    Another.Unofficial.Xilium.CefGlue.UnpackNativeDependencies (0.0.13)
      SharpZipLib (>= 0.86 < 0.87)
    Another.Unofficial.Xilium.CefGlue.WindowsForms (0.0.13)
      Another.Unofficial.Xilium.CefGlue (0.0.13)
    DevILSharp (0.1.2)
      FSharp.Core (>= 4.0 < 4.1)
    FSharp.Core (4.0.0.1)
    FSharp.Quotations.Evaluator (1.0.7)
    FsPickler (4.0)
      FSharp.Core (>= 3.1)
    FsPickler.Json (4.0)
      FSharp.Core (>= 3.1)
      FsPickler (4.0)
      Newtonsoft.Json (>= 6.0.5)
    Microsoft.NETCore.Platforms (2.0)
    NETStandard.Library (2.0)
      Microsoft.NETCore.Platforms (>= 1.1)
      System.Runtime.InteropServices.RuntimeInformation (>= 4.3)
    Newtonsoft.Json (10.0.3)
    SharpZipLib (0.86)
    Suave (2.0.5)
      FSharp.Core (>= 4.0.0.1)
    System.Collections.Immutable (1.4)
      NETStandard.Library (>= 1.6.1)
    System.Reactive.Core (3.0)
      System.Reactive.Interfaces (>= 3.0)
    System.Reactive.Interfaces (3.0)
    System.Reactive.Linq (3.0)
      System.Reactive.Core (>= 3.0)
      System.Reactive.Interfaces (>= 3.0)
    System.Runtime.InteropServices.RuntimeInformation (4.3)

GROUP Build
CONTENT: NONE
RESTRICTION: == net45
NUGET
  remote: https://api.nuget.org/v3/index.json
    FAKE (4.63) - content: none
    Mono.Cecil (0.10.0-beta6) - content: none
    SourceLink.Fake (1.1) - content: none
GITHUB
  remote: aardvark-platform/aardvark.fake
    FULLPROJECT (850598ad8e27cef9d14cb0d4b88ba542c02a8a0d)
      FAKE (>= 4.63 < 4.64)
      Mono.Cecil (>= 0.10.0-beta6 < 0.11)
      SourceLink.Fake (>= 1.1 < 1.2)