RESTRICTION: == net45
NUGET
  remote: https://vrvis.myget.org/F/aardvark_public/api/v3/index.json
    Aardvark.Application (3.3.6)
      Aardvark.Base.Incremental (>= 3.0.35 < 3.1)
      Aardvark.Base.Rendering (>= 3.3.6)
      FShade.Core (>= 3.2.5 < 3.3)
      FSharp.Core (>= 4.0 < 4.1)
    Aardvark.Application.WinForms (3.3.6)
      Aardvark.Application (>= 3.3.6)
      Aardvark.Base.Incremental (>= 3.0.35 < 3.1)
      Aardvark.Base.Rendering (>= 3.3.6)
      FShade.Core (>= 3.2.5 < 3.3)
      FSharp.Core (>= 4.0 < 4.1)
    Aardvark.Base (3.0.35)
      DevILSharp (>= 0.1.1 < 0.2)
    Aardvark.Base.Essentials (3.0.35)
      Aardvark.Base (>= 3.0.35)
      DevILSharp (>= 0.1.1 < 0.2)
      System.Collections.Immutable (>= 1.2)
      System.Reactive.Linq (>= 3.0 < 3.1)
    Aardvark.Base.FSharp (3.0.35)
      Aardvark.Base (>= 3.0.35)
      DevILSharp (>= 0.1.1 < 0.2)
      FSharp.Core (>= 4.0 < 4.1)
    Aardvark.Base.Incremental (3.0.35)
      Aardvark.Base (>= 3.0.35)
      Aardvark.Base.Essentials (>= 3.0.35)
      Aardvark.Base.FSharp (>= 3.0.35)
      DevILSharp (>= 0.1.1 < 0.2)
      FSharp.Core (>= 4.0 < 4.1)
      System.Reactive.Core (>= 3.0 < 3.1)
      System.Reactive.Interfaces (>= 3.0 < 3.1)
      System.Reactive.Linq (>= 3.0 < 3.1)
    Aardvark.Base.Rendering (3.3.6)
      Aardvark.Base.Incremental (>= 3.0.35 < 3.1)
      FShade.Core (>= 3.2.5 < 3.3)
      FSharp.Core (>= 4.0 < 4.1)
    Aardvark.Base.Runtime (3.0.35)
      Aardvark.Base (>= 3.0.35)
      Aardvark.Base.Essentials (>= 3.0.35)
      Aardvark.Base.FSharp (>= 3.0.35)
      Aardvark.Base.Incremental (>= 3.0.35)
      DevILSharp (>= 0.1.1 < 0.2)
      FSharp.Core (>= 4.0 < 4.1)
      System.Reactive.Core (>= 3.0 < 3.1)
      System.Reactive.Interfaces (>= 3.0 < 3.1)
      System.Reactive.Linq (>= 3.0 < 3.1)
    Aardvark.Rendering.GL (3.3.6)
      Aardvark.Base.Incremental (>= 3.0.35 < 3.1)
      Aardvark.Base.Rendering (>= 3.3.6)
      Aardvark.Base.Runtime (>= 3.0.35 < 3.1)
      FShade (>= 3.2.5 < 3.3)
      FSharp.Core (>= 4.0 < 4.1)
      FSharp.Quotations.Evaluator (>= 1.0.6 < 1.1)
    DevILSharp (0.1.1)
      FSharp.Core (>= 4.0 < 4.1)
    FShade (3.2.5)
      FShade.Core (3.2.5)
      FShade.GLSL (3.2.5)
      FShade.Imperative (3.2.5)
      FShade.SpirV (3.2.5)
    FShade.Core (3.2.5)
      Aardvark.Base (>= 3.0.35 < 3.1)
      Aardvark.Base.FSharp (>= 3.0.35 < 3.1)
      FShade.Imperative (>= 3.2.5)
      FSharp.Core (>= 4.0 < 4.1)
    FShade.GLSL (3.2.5)
      Aardvark.Base (>= 3.0.35 < 3.1)
      Aardvark.Base.FSharp (>= 3.0.35 < 3.1)
      FShade.Core (>= 3.2.5)
      FShade.Imperative (>= 3.2.5)
      FSharp.Core (>= 4.0 < 4.1)
    FShade.Imperative (3.2.5)
      Aardvark.Base (>= 3.0.35 < 3.1)
      Aardvark.Base.FSharp (>= 3.0.35 < 3.1)
      FSharp.Core (>= 4.0 < 4.1)
    FShade.SpirV (3.2.5)
      Aardvark.Base (>= 3.0.35 < 3.1)
      Aardvark.Base.FSharp (>= 3.0.35 < 3.1)
      FShade.Core (>= 3.2.5)
      FShade.Imperative (>= 3.2.5)
      FSharp.Core (>= 4.0 < 4.1)
  remote: https://api.nuget.org/v3/index.json
    Aardvark.Application.WinForms.GL (3.3.6)
      Aardvark.Application (>= 3.3.6)
      Aardvark.Application.WinForms (>= 3.3.6)
      Aardvark.Base.Incremental (>= 3.0.35 < 3.1)
      Aardvark.Base.Rendering (>= 3.3.6)
      Aardvark.Base.Runtime (>= 3.0.35 < 3.1)
      Aardvark.Rendering.GL (>= 3.3.6)
      FShade.Core (>= 3.2.5 < 3.3)
      FSharp.Core (>= 4.0 < 4.1)
    Aardvark.Rendering.NanoVg (3.3.6)
      Aardvark.Base.Incremental (>= 3.0.35 < 3.1)
      Aardvark.Base.Rendering (>= 3.3.6)
      Aardvark.Base.Runtime (>= 3.0.35 < 3.1)
      Aardvark.Rendering.GL (>= 3.3.6)
      FShade.Core (>= 3.2.5 < 3.3)
      FSharp.Core (>= 4.0 < 4.1)
      FSharp.Quotations.Evaluator (>= 1.0.6 < 1.1)
      NanoVgSharp (>= 2.1 < 2.2)
    Aardvark.SceneGraph (3.3.6)
      Aardvark.Base.Incremental (>= 3.0.35 < 3.1)
      Aardvark.Base.Rendering (>= 3.3.6)
      FShade.Core (>= 3.2.5 < 3.3)
      FSharp.Core (>= 4.0 < 4.1)
    FSharp.Core (4.0.0.1)
    FSharp.Quotations.Evaluator (1.0.7)
    Microsoft.NETCore.Platforms (2.0)
    NanoVgSharp (2.1)
      Aardvark.Base (>= 2.1)
      Aardvark.Base.FSharp (>= 2.1)
      Aardvark.Base.Incremental (>= 2.1)
    NETStandard.Library (2.0)
      Microsoft.NETCore.Platforms (>= 1.1)
      System.Runtime.InteropServices.RuntimeInformation (>= 4.3)
    System.Collections.Immutable (1.4)
      NETStandard.Library (>= 1.6.1)
    System.Reactive.Core (3.0)
      System.Reactive.Interfaces (>= 3.0)
    System.Reactive.Interfaces (3.0)
    System.Reactive.Linq (3.0)
      System.Reactive.Core (>= 3.0)
      System.Reactive.Interfaces (>= 3.0)
    System.Runtime.InteropServices.RuntimeInformation (4.3)

GROUP Build
CONTENT: NONE
RESTRICTION: == net45
NUGET
  remote: https://api.nuget.org/v3/index.json
    Chessie (0.6) - content: none
      FSharp.Core
    FAKE (4.52) - content: none
    FSharp.Core (4.2.3) - content: none
    Mono.Cecil (0.10.0-beta6) - content: none
    SourceLink.Fake (1.1) - content: none
GITHUB
  remote: vrvis/Aardvark.Fake
    FULLPROJECT (8f81d75291e08657ef1b2bea451be9478e79348a)
      Chessie (>= 0.6 < 0.7)
      FAKE (>= 4.52 < 4.53)
      Mono.Cecil (>= 0.10.0-beta6 < 0.11)
      SourceLink.Fake (>= 1.1 < 1.2)