FRAMEWORK: NET45
NUGET
  remote: https://vrvis.myget.org/F/aardvark_public
  specs:
    Aardvark.Application (3.3.0)
      Aardvark.Base.Incremental (>= 3.0.26 < 3.1.0)
      Aardvark.Base.Rendering (>= 3.3.0)
      FShade.Core (>= 3.2.2 < 3.3.0)
    Aardvark.Application.WinForms (3.3.0)
      Aardvark.Application (>= 3.3.0)
      Aardvark.Base.Incremental (>= 3.0.26 < 3.1.0)
      Aardvark.Base.Rendering (>= 3.3.0)
      FShade.Core (>= 3.2.2 < 3.3.0)
    Aardvark.Application.WinForms.GL (3.3.0)
      Aardvark.Application (>= 3.3.0)
      Aardvark.Application.WinForms (>= 3.3.0)
      Aardvark.Base.Incremental (>= 3.0.26 < 3.1.0)
      Aardvark.Base.Rendering (>= 3.3.0)
      Aardvark.Base.Runtime (>= 3.0.26 < 3.1.0)
      Aardvark.Rendering.GL (>= 3.3.0)
      FShade.Core (>= 3.2.2 < 3.3.0)
    Aardvark.Base (3.0.28)
      DevILSharp (>= 0.0.11 < 0.1.0)
    Aardvark.Base.Essentials (3.0.28)
      Aardvark.Base (>= 3.0.28)
      System.Collections.Immutable (>= 1.2.0)
      System.Reactive.Linq (>= 3.0.0 < 3.1.0)
    Aardvark.Base.FSharp (3.0.28)
      Aardvark.Base (>= 3.0.28)
      DevILSharp (>= 0.0.11 < 0.1.0)
    Aardvark.Base.Incremental (3.0.28)
      Aardvark.Base (>= 3.0.28)
      Aardvark.Base.Essentials (>= 3.0.28)
      Aardvark.Base.FSharp (>= 3.0.28)
      System.Reactive.Core (>= 3.0.0 < 3.1.0)
      System.Reactive.Interfaces (>= 3.0.0 < 3.1.0)
      System.Reactive.Linq (>= 3.0.0 < 3.1.0)
    Aardvark.Base.Rendering (3.3.0)
      Aardvark.Base.Incremental (>= 3.0.26 < 3.1.0)
      FShade.Core (>= 3.2.2 < 3.3.0)
    Aardvark.Base.Runtime (3.0.28)
      Aardvark.Base (>= 3.0.28)
      Aardvark.Base.Essentials (>= 3.0.28)
      Aardvark.Base.FSharp (>= 3.0.28)
      Aardvark.Base.Incremental (>= 3.0.28)
      System.Reactive.Core (>= 3.0.0 < 3.1.0)
      System.Reactive.Interfaces (>= 3.0.0 < 3.1.0)
      System.Reactive.Linq (>= 3.0.0 < 3.1.0)
    Aardvark.Rendering.GL (3.3.0)
      Aardvark.Base.Incremental (>= 3.0.26 < 3.1.0)
      Aardvark.Base.Rendering (>= 3.3.0)
      Aardvark.Base.Runtime (>= 3.0.26 < 3.1.0)
      FShade (>= 3.2.2 < 3.3.0)
      FSharp.Quotations.Evaluator (>= 1.0.6 < 1.1.0)
    Aardvark.Rendering.NanoVg (3.3.0)
      Aardvark.Base.Incremental (>= 3.0.26 < 3.1.0)
      Aardvark.Base.Rendering (>= 3.3.0)
      Aardvark.Base.Runtime (>= 3.0.26 < 3.1.0)
      Aardvark.Rendering.GL (>= 3.3.0)
      FShade.Core (>= 3.2.2 < 3.3.0)
      FSharp.Quotations.Evaluator (>= 1.0.6 < 1.1.0)
      NanoVgSharp (>= 2.1.0 < 2.2.0)
    Aardvark.SceneGraph (3.3.0)
      Aardvark.Base.Incremental (>= 3.0.26 < 3.1.0)
      Aardvark.Base.Rendering (>= 3.3.0)
      FShade.Core (>= 3.2.2 < 3.3.0)
    FShade (3.2.4)
      FShade.Core (3.2.4)
      FShade.GLSL (3.2.4)
      FShade.Imperative (3.2.4)
      FShade.SpirV (3.2.4)
    FShade.Core (3.2.4)
      Aardvark.Base (>= 3.0.16 < 3.1.0)
      Aardvark.Base.FSharp (>= 3.0.16 < 3.1.0)
      FShade.Imperative (>= 3.2.4)
    FShade.GLSL (3.2.4)
      Aardvark.Base (>= 3.0.16 < 3.1.0)
      Aardvark.Base.FSharp (>= 3.0.16 < 3.1.0)
      FShade.Core (>= 3.2.4)
      FShade.Imperative (>= 3.2.4)
    FShade.Imperative (3.2.4)
      Aardvark.Base (>= 3.0.16 < 3.1.0)
      Aardvark.Base.FSharp (>= 3.0.16 < 3.1.0)
    FShade.SpirV (3.2.4)
      Aardvark.Base (>= 3.0.16 < 3.1.0)
      Aardvark.Base.FSharp (>= 3.0.16 < 3.1.0)
      FShade.Core (>= 3.2.4)
      FShade.Imperative (>= 3.2.4)
    NanoVgSharp (2.1.0)
      Aardvark.Base (>= 2.1.0)
      Aardvark.Base.FSharp (>= 2.1.0)
      Aardvark.Base.Incremental (>= 2.1.0)
  remote: http://api.nuget.org/v3/index.json
  specs:
    DevILSharp (0.0.13)
    FSharp.Quotations.Evaluator (1.0.7)
    Microsoft.NETCore.Platforms (2.0.0)
    NETStandard.Library (2.0.0)
      Microsoft.NETCore.Platforms (>= 1.1.0)
      System.Runtime.InteropServices.RuntimeInformation (>= 4.3.0)
    System.Collections.Immutable (1.4.0)
      NETStandard.Library (>= 1.6.1)
    System.Reactive.Core (3.0.0)
      System.Reactive.Interfaces (>= 3.0.0)
    System.Reactive.Interfaces (3.0.0)
    System.Reactive.Linq (3.0.0)
      System.Reactive.Core (>= 3.0.0)
      System.Reactive.Interfaces (>= 3.0.0)
    System.Runtime.InteropServices.RuntimeInformation (4.3.0)

GROUP Build
CONTENT: NONE
FRAMEWORK: NET45
NUGET
  remote: http://api.nuget.org/v3/index.json
  specs:
    Chessie (0.6.0) - content: none
      FSharp.Core
      FSharp.Core (>= 4.0.1.7-alpha)
      NETStandard.Library (>= 1.6.0)
    FAKE (4.52.0) - content: none
    FSharp.Core (4.2.3) - content: none
    Microsoft.NETCore.Platforms (2.0.0) - content: none
    Mono.Cecil (0.10.0-beta6) - content: none
    NETStandard.Library (2.0.0) - content: none
      Microsoft.NETCore.Platforms (>= 1.1.0)
      System.Runtime.InteropServices.RuntimeInformation (>= 4.3.0)
    SourceLink.Fake (1.1.0) - content: none
    System.Runtime.InteropServices.RuntimeInformation (4.3.0) - content: none
GITHUB
  remote: vrvis/Aardvark.Fake
  specs:
    FULLPROJECT (eb782182b4f3b4f468ca18a7dc79239912de012a)
      Chessie (>= 0.6.0 < 0.7.0)
      FAKE (>= 4.52.0 < 4.53.0)
      Mono.Cecil (>= 0.10.0-beta6 < 0.11.0)
      SourceLink.Fake (>= 1.1.0 < 1.2.0)