NUGET
  remote: http://api.nuget.org/v3/index.json
  specs:
    Aardvark.Application (3.1.2)
      Aardvark.Base.Incremental (>= 3.0.12 < 3.1.0)
      Aardvark.Base.Rendering (>= 3.1.2)
      FShade.Core (>= 3.1.0 < 3.2.0)
    Aardvark.Application.WinForms.GL (3.1.2)
      Aardvark.Application (>= 3.1.2)
      Aardvark.Application.WinForms (>= 3.1.2)
      Aardvark.Base.Incremental (>= 3.0.12 < 3.1.0)
      Aardvark.Base.Rendering (>= 3.1.2)
      Aardvark.Base.Runtime (>= 3.0.12 < 3.1.0)
      Aardvark.Rendering.GL (>= 3.1.2)
      FShade.Core (>= 3.1.0 < 3.2.0)
    Aardvark.Base (3.0.12)
      DevILSharp (>= 0.0.11 < 0.1.0)
    Aardvark.Base.Essentials (3.0.12)
      Aardvark.Base (>= 3.0.12)
      System.Collections.Immutable (>= 1.2.0 < 1.3.0)
      System.Reactive.Linq (>= 3.0.0 < 3.1.0)
    Aardvark.Base.FSharp (3.0.12)
      Aardvark.Base (>= 3.0.12)
      DevILSharp (>= 0.0.11 < 0.1.0)
    Aardvark.Base.Incremental (3.0.12)
      Aardvark.Base (>= 3.0.12)
      Aardvark.Base.Essentials (>= 3.0.12)
      Aardvark.Base.FSharp (>= 3.0.12)
      System.Reactive.Core (>= 3.0.0 < 3.1.0)
      System.Reactive.Interfaces (>= 3.0.0 < 3.1.0)
      System.Reactive.Linq (>= 3.0.0 < 3.1.0)
    Aardvark.Base.Rendering (3.1.2)
      Aardvark.Base.Incremental (>= 3.0.12 < 3.1.0)
      FShade.Core (>= 3.1.0 < 3.2.0)
    Aardvark.Rendering.GL (3.1.2)
      Aardvark.Base.Incremental (>= 3.0.12 < 3.1.0)
      Aardvark.Base.Rendering (>= 3.1.2)
      Aardvark.Base.Runtime (>= 3.0.12 < 3.1.0)
      FShade (>= 3.1.0 < 3.2.0)
      FSharp.Quotations.Evaluator (>= 1.0.6 < 1.1.0)
    Aardvark.SceneGraph (3.1.2)
      Aardvark.Base.Incremental (>= 3.0.12 < 3.1.0)
      Aardvark.Base.Rendering (>= 3.1.2)
      FShade.Core (>= 3.1.0 < 3.2.0)
    DevILSharp (0.0.13)
    FSharp.Quotations.Evaluator (1.0.7)
    Microsoft.NETCore.Platforms (1.1.0) - framework: net10, net11, net20, net35, net40, net40-full
    Microsoft.NETCore.Targets (1.1.0) - framework: net10, net11, net20, net35, net40, net40-full
    System.Collections (4.3.0) - framework: net10, net11, net20, net35, net40, net40-full
    System.Collections.Concurrent (4.3.0) - framework: net10, net11, net20, net35, net40, net40-full
      System.Reflection (>= 4.3.0) - framework: net10, net11, net20, net35, net40, net40-full
    System.Collections.Immutable (1.2.0)
      System.Collections (>= 4.0.11) - framework: net10, net11, net20, net35, net40, net40-full
      System.Diagnostics.Debug (>= 4.0.11) - framework: net10, net11, net20, net35, net40, net40-full
      System.Globalization (>= 4.0.11) - framework: net10, net11, net20, net35, net40, net40-full
      System.Linq (>= 4.1.0) - framework: net10, net11, net20, net35, net40, net40-full
      System.Resources.ResourceManager (>= 4.0.1) - framework: net10, net11, net20, net35, net40, net40-full
      System.Runtime (>= 4.1.0) - framework: net10, net11, net20, net35, net40, net40-full
      System.Runtime.Extensions (>= 4.1.0) - framework: net10, net11, net20, net35, net40, net40-full
      System.Threading (>= 4.0.11) - framework: net10, net11, net20, net35, net40, net40-full
    System.ComponentModel (4.3.0) - framework: net10, net11, net20, net35, net40, net40-full
    System.Diagnostics.Debug (4.3.0) - framework: net10, net11, net20, net35, net40, net40-full
    System.Diagnostics.Tools (4.3.0) - framework: net10, net11, net20, net35, net40, net40-full
    System.Dynamic.Runtime (4.3.0) - framework: net10, net11, net20, net35, net40, net40-full
      System.Reflection.Emit (>= 4.3.0) - framework: net10, net11, net20, net35, net40, net40-full
      System.Reflection.Emit.ILGeneration (>= 4.3.0) - framework: net10, net11, net20, net35, net40, net40-full
      System.Reflection.Primitives (>= 4.3.0) - framework: net10, net11, net20, net35, net40, net40-full
    System.Globalization (4.3.0) - framework: net10, net11, net20, net35, net40, net40-full
    System.IO (4.3.0) - framework: net10, net11, net20, net35, net40, net40-full
    System.Linq (4.3.0) - framework: net10, net11, net20, net35, net40, net40-full
    System.Linq.Expressions (4.3.0) - framework: net10, net11, net20, net35, net40, net40-full
      System.ObjectModel (>= 4.3.0) - framework: net10, net11, net20, net35, net40, net40-full
      System.Reflection.Emit (>= 4.3.0) - framework: net10, net11, net20, net35, net40, net40-full
    System.ObjectModel (4.3.0) - framework: net10, net11, net20, net35, net40, net40-full
    System.Reactive.Core (3.0.0)
      System.Collections (>= 4.0.11) - framework: net10, net11, net20, net35, net40, net40-full
      System.Collections.Concurrent (>= 4.0.12) - framework: net10, net11, net20, net35, net40, net40-full
      System.ComponentModel (>= 4.0.1) - framework: net10, net11, net20, net35, net40, net40-full
      System.Diagnostics.Debug (>= 4.0.11) - framework: net10, net11, net20, net35, net40, net40-full
      System.Diagnostics.Tools (>= 4.0.1) - framework: net10, net11, net20, net35, net40, net40-full
      System.Dynamic.Runtime (>= 4.0.11) - framework: net10, net11, net20, net35, net40, net40-full
      System.Globalization (>= 4.0.11) - framework: net10, net11, net20, net35, net40, net40-full
      System.Linq (>= 4.1.0) - framework: net10, net11, net20, net35, net40, net40-full
      System.Reactive.Interfaces (>= 3.0.0)
      System.Reflection (>= 4.1.0) - framework: net10, net11, net20, net35, net40, net40-full
      System.Resources.ResourceManager (>= 4.0.1) - framework: net10, net11, net20, net35, net40, net40-full
      System.Runtime (>= 4.1.0) - framework: net10, net11, net20, net35, net40, net40-full
      System.Runtime.Extensions (>= 4.1.0) - framework: net10, net11, net20, net35, net40, net40-full
      System.Threading (>= 4.0.11) - framework: net10, net11, net20, net35, net40, net40-full
      System.Threading.Tasks (>= 4.0.11) - framework: net10, net11, net20, net35, net40, net40-full
      System.Threading.Thread (>= 4.0.0) - framework: net10, net11, net20, net35, net40, net40-full
      System.Threading.ThreadPool (>= 4.0.10) - framework: net10, net11, net20, net35, net40, net40-full
      System.Threading.Timer (>= 4.0.1) - framework: net10, net11, net20, net35, net40, net40-full
    System.Reactive.Interfaces (3.0.0)
      System.Linq.Expressions (>= 4.1.0) - framework: net10, net11, net20, net35, net40, net40-full
      System.Resources.ResourceManager (>= 4.0.1) - framework: net10, net11, net20, net35, net40, net40-full
      System.Runtime (>= 4.1.0) - framework: net10, net11, net20, net35, net40, net40-full
    System.Reactive.Linq (3.0.0)
      System.Collections (>= 4.0.11) - framework: net10, net11, net20, net35, net40, net40-full
      System.Collections.Concurrent (>= 4.0.12) - framework: net10, net11, net20, net35, net40, net40-full
      System.ComponentModel (>= 4.0.1) - framework: net10, net11, net20, net35, net40, net40-full
      System.Diagnostics.Debug (>= 4.0.11) - framework: net10, net11, net20, net35, net40, net40-full
      System.Diagnostics.Tools (>= 4.0.1) - framework: net10, net11, net20, net35, net40, net40-full
      System.Globalization (>= 4.0.11) - framework: net10, net11, net20, net35, net40, net40-full
      System.Linq (>= 4.1.0) - framework: net10, net11, net20, net35, net40, net40-full
      System.Reactive.Core (>= 3.0.0)
      System.Reactive.Interfaces (>= 3.0.0)
      System.Reflection (>= 4.1.0) - framework: net10, net11, net20, net35, net40, net40-full
      System.Resources.ResourceManager (>= 4.0.1) - framework: net10, net11, net20, net35, net40, net40-full
      System.Runtime (>= 4.1.0) - framework: net10, net11, net20, net35, net40, net40-full
      System.Runtime.Extensions (>= 4.1.0) - framework: net10, net11, net20, net35, net40, net40-full
      System.Runtime.InteropServices.WindowsRuntime (>= 4.0.1) - framework: net10, net11, net20, net35, net40, net40-full
      System.Threading (>= 4.0.11) - framework: net10, net11, net20, net35, net40, net40-full
      System.Threading.Tasks (>= 4.0.11) - framework: net10, net11, net20, net35, net40, net40-full
    System.Reflection (4.3.0) - framework: net10, net11, net20, net35, net40, net40-full
    System.Reflection.Emit (4.3.0) - framework: net10, net11, net20, net35, net40, net40-full
      System.IO (>= 4.3.0) - framework: net10, net11, net20, net35, net40, net40-full
      System.Reflection (>= 4.3.0) - framework: net10, net11, net20, net35, net40, net40-full
      System.Reflection.Emit.ILGeneration (>= 4.3.0) - framework: net10, net11, net20, net35, net40, net40-full
      System.Reflection.Primitives (>= 4.3.0) - framework: net10, net11, net20, net35, net40, net40-full
      System.Runtime (>= 4.3.0) - framework: net10, net11, net20, net35, net40, net40-full
    System.Reflection.Emit.ILGeneration (4.3.0) - framework: net10, net11, net20, net35, net40, net40-full
      System.Reflection (>= 4.3.0) - framework: net10, net11, net20, net35, net40, net40-full
      System.Reflection.Primitives (>= 4.3.0) - framework: net10, net11, net20, net35, net40, net40-full
      System.Runtime (>= 4.3.0) - framework: net10, net11, net20, net35, net40, net40-full
    System.Reflection.Primitives (4.3.0) - framework: net10, net11, net20, net35, net40, net40-full
    System.Resources.ResourceManager (4.3.0) - framework: net10, net11, net20, net35, net40, net40-full
    System.Runtime (4.3.0) - framework: net10, net11, net20, net35, net40, net40-full
    System.Runtime.Extensions (4.3.0) - framework: net10, net11, net20, net35, net40, net40-full
    System.Runtime.Handles (4.3.0) - framework: net10, net11, net20, net35, net40, net40-full
      Microsoft.NETCore.Platforms (>= 1.1.0) - framework: net10, net11, net20, net35, net40, net40-full, net45, net451, net452, net453
      Microsoft.NETCore.Targets (>= 1.1.0) - framework: net10, net11, net20, net35, net40, net40-full, net45, net451, net452, net453
      System.Runtime (>= 4.3.0) - framework: net10, net11, net20, net35, net40, net40-full, net45, net451, net452, net453
    System.Runtime.InteropServices.WindowsRuntime (4.3.0) - framework: net10, net11, net20, net35, net40, net40-full
    System.Threading (4.3.0) - framework: net10, net11, net20, net35, net40, net40-full
    System.Threading.Tasks (4.3.0) - framework: net10, net11, net20, net35, net40, net40-full
    System.Threading.Thread (4.3.0) - framework: net10, net11, net20, net35, net40, net40-full
      System.Runtime (>= 4.3.0) - framework: net10, net11, net20, net35, net40, net40-full, net45, net451, net452, net453
    System.Threading.ThreadPool (4.3.0) - framework: net10, net11, net20, net35, net40, net40-full
      System.Runtime (>= 4.3.0) - framework: net10, net11, net20, net35, net40, net40-full, net45, net451, net452, net453
      System.Runtime.Handles (>= 4.3.0) - framework: net10, net11, net20, net35, net40, net40-full, net45, net451, net452, net453
    System.Threading.Timer (4.3.0) - framework: net10, net11, net20, net35, net40, net40-full
  remote: https://vrvis.myget.org/F/aardvark_public
  specs:
    Aardvark.Application.WinForms (3.1.2)
      Aardvark.Application (>= 3.1.2)
      Aardvark.Base.Incremental (>= 3.0.12 < 3.1.0)
      Aardvark.Base.Rendering (>= 3.1.2)
      FShade.Core (>= 3.1.0 < 3.2.0)
    Aardvark.Base.Runtime (3.0.12)
      Aardvark.Base (>= 3.0.12)
      Aardvark.Base.Essentials (>= 3.0.12)
      Aardvark.Base.FSharp (>= 3.0.12)
      Aardvark.Base.Incremental (>= 3.0.12)
      System.Reactive.Core (>= 3.0.0 < 3.1.0)
      System.Reactive.Interfaces (>= 3.0.0 < 3.1.0)
      System.Reactive.Linq (>= 3.0.0 < 3.1.0)
    Aardvark.Rendering.NanoVg (3.1.2)
      Aardvark.Base.Incremental (>= 3.0.12 < 3.1.0)
      Aardvark.Base.Rendering (>= 3.1.2)
      Aardvark.Base.Runtime (>= 3.0.12 < 3.1.0)
      Aardvark.Rendering.GL (>= 3.1.2)
      FShade.Core (>= 3.1.0 < 3.2.0)
      FSharp.Quotations.Evaluator (>= 1.0.6 < 1.1.0)
      NanoVgSharp (>= 2.1.0 < 2.2.0)
    FShade (3.1.4)
      FShade.Core (3.1.4)
      FShade.GLSL (3.1.4)
      FShade.Imperative (3.1.4)
      FShade.SpirV (3.1.4)
    FShade.Core (3.1.4)
      Aardvark.Base (>= 3.0.0 < 3.1.0)
      Aardvark.Base.FSharp (>= 3.0.0 < 3.1.0)
      FShade.Imperative (>= 3.1.4)
    FShade.GLSL (3.1.4)
      Aardvark.Base (>= 3.0.0 < 3.1.0)
      Aardvark.Base.FSharp (>= 3.0.0 < 3.1.0)
      FShade.Core (>= 3.1.4)
      FShade.Imperative (>= 3.1.4)
    FShade.Imperative (3.1.4)
      Aardvark.Base (>= 3.0.0 < 3.1.0)
      Aardvark.Base.FSharp (>= 3.0.0 < 3.1.0)
    FShade.SpirV (3.1.4)
      Aardvark.Base (>= 3.0.0 < 3.1.0)
      Aardvark.Base.FSharp (>= 3.0.0 < 3.1.0)
      FShade.Core (>= 3.1.4)
      FShade.Imperative (>= 3.1.4)
    NanoVgSharp (2.1.0)
      Aardvark.Base (>= 2.1.0)
      Aardvark.Base.FSharp (>= 2.1.0)
      Aardvark.Base.Incremental (>= 2.1.0)

GROUP Build
CONTENT: NONE
NUGET
  remote: http://api.nuget.org/v3/index.json
  specs:
    Chessie (0.6.0) - content: none
      FSharp.Core
      FSharp.Core (>= 4.0.1.7-alpha)
      NETStandard.Library (>= 1.6.0)
    FAKE (4.17.1) - content: none
    FSharp.Core (4.1.12) - content: none
      System.Collections (>= 4.0.11)
      System.Console (>= 4.0.0)
      System.Diagnostics.Debug (>= 4.0.11)
      System.Diagnostics.Tools (>= 4.0.1)
      System.Globalization (>= 4.0.11)
      System.IO (>= 4.1.0)
      System.Linq (>= 4.1.0)
      System.Linq.Expressions (>= 4.1.0)
      System.Linq.Queryable (>= 4.0.1)
      System.Net.Requests (>= 4.0.11)
      System.Reflection (>= 4.1.0)
      System.Reflection.Extensions (>= 4.0.1)
      System.Resources.ResourceManager (>= 4.0.1)
      System.Runtime (>= 4.1.0)
      System.Runtime.Extensions (>= 4.1.0)
      System.Runtime.Numerics (>= 4.0.1)
      System.Text.RegularExpressions (>= 4.1.0)
      System.Threading (>= 4.0.11)
      System.Threading.Tasks (>= 4.0.11)
      System.Threading.Tasks.Parallel (>= 4.0.1)
      System.Threading.Thread (>= 4.0.0)
      System.Threading.ThreadPool (>= 4.0.10)
      System.Threading.Timer (>= 4.0.1)
      System.ValueTuple (>= 4.3.0)
    Microsoft.CSharp (4.3.0) - content: none, framework: net10, net11
    Microsoft.NETCore.Platforms (1.1.0) - content: none
    Microsoft.NETCore.Targets (1.1.0) - content: none, framework: net10, net11, net20, net30, net35, net40, net40-full, net45, net451, net452, net453, dnxcore50
    Microsoft.Win32.Primitives (4.3.0) - content: none
      Microsoft.NETCore.Platforms (>= 1.1.0) - framework: net10, net11, net20, net30, net35, net40, net40-full, net45, net451, net452, net453
      Microsoft.NETCore.Targets (>= 1.1.0) - framework: net10, net11, net20, net30, net35, net40, net40-full, net45, net451, net452, net453
      System.Runtime (>= 4.3.0) - framework: net10, net11, net20, net30, net35, net40, net40-full, net45, net451, net452, net453
    Mono.Cecil (0.9.5.4) - content: none
    NETStandard.Library (1.6.1) - content: none
      Microsoft.NETCore.Platforms (>= 1.1.0)
      Microsoft.Win32.Primitives (>= 4.3.0)
      System.AppContext (>= 4.3.0)
      System.Collections (>= 4.3.0)
      System.Collections.Concurrent (>= 4.3.0)
      System.Console (>= 4.3.0)
      System.Diagnostics.Debug (>= 4.3.0)
      System.Diagnostics.Tools (>= 4.3.0)
      System.Diagnostics.Tracing (>= 4.3.0)
      System.Globalization (>= 4.3.0)
      System.Globalization.Calendars (>= 4.3.0)
      System.IO (>= 4.3.0)
      System.IO.Compression (>= 4.3.0)
      System.IO.Compression.ZipFile (>= 4.3.0)
      System.IO.FileSystem (>= 4.3.0)
      System.IO.FileSystem.Primitives (>= 4.3.0)
      System.Linq (>= 4.3.0)
      System.Linq.Expressions (>= 4.3.0)
      System.Net.Http (>= 4.3.0)
      System.Net.Primitives (>= 4.3.0)
      System.Net.Sockets (>= 4.3.0)
      System.ObjectModel (>= 4.3.0)
      System.Reflection (>= 4.3.0)
      System.Reflection.Extensions (>= 4.3.0)
      System.Reflection.Primitives (>= 4.3.0)
      System.Resources.ResourceManager (>= 4.3.0)
      System.Runtime (>= 4.3.0)
      System.Runtime.Extensions (>= 4.3.0)
      System.Runtime.Handles (>= 4.3.0)
      System.Runtime.InteropServices (>= 4.3.0)
      System.Runtime.InteropServices.RuntimeInformation (>= 4.3.0)
      System.Runtime.Numerics (>= 4.3.0)
      System.Security.Cryptography.Algorithms (>= 4.3.0)
      System.Security.Cryptography.Encoding (>= 4.3.0)
      System.Security.Cryptography.Primitives (>= 4.3.0)
      System.Security.Cryptography.X509Certificates (>= 4.3.0)
      System.Text.Encoding (>= 4.3.0)
      System.Text.Encoding.Extensions (>= 4.3.0)
      System.Text.RegularExpressions (>= 4.3.0)
      System.Threading (>= 4.3.0)
      System.Threading.Tasks (>= 4.3.0)
      System.Threading.Timer (>= 4.3.0)
      System.Xml.ReaderWriter (>= 4.3.0)
      System.Xml.XDocument (>= 4.3.0)
    Newtonsoft.Json (10.0.2) - content: none
      Microsoft.CSharp (>= 4.3.0) - framework: net10, net11
      NETStandard.Library (>= 1.6.1) - framework: net10, net11
      System.ComponentModel.TypeConverter (>= 4.3.0) - framework: net10, net11
      System.Runtime.Serialization.Formatters (>= 4.3.0) - framework: net10, net11
      System.Runtime.Serialization.Primitives (>= 4.3.0) - framework: net10, net11
      System.Xml.XmlDocument (>= 4.3.0) - framework: net10, net11
    runtime.debian.8-x64.runtime.native.System.Security.Cryptography.OpenSsl (4.3.0) - content: none, framework: net10, net11, net20, net30, net35, net40, net40-full, net45, net451, net452, net453
    runtime.fedora.23-x64.runtime.native.System.Security.Cryptography.OpenSsl (4.3.0) - content: none, framework: net10, net11, net20, net30, net35, net40, net40-full, net45, net451, net452, net453
    runtime.fedora.24-x64.runtime.native.System.Security.Cryptography.OpenSsl (4.3.0) - content: none, framework: net10, net11, net20, net30, net35, net40, net40-full, net45, net451, net452, net453
    runtime.native.System (4.3.0) - content: none, framework: net10, net11, net20, net30, net35, net40, net40-full, net45, net451, net452, net453
      Microsoft.NETCore.Platforms (>= 1.1.0)
      Microsoft.NETCore.Targets (>= 1.1.0)
    runtime.native.System.IO.Compression (4.3.0) - content: none, framework: dnxcore50
      Microsoft.NETCore.Platforms (>= 1.1.0)
      Microsoft.NETCore.Targets (>= 1.1.0)
    runtime.native.System.Net.Http (4.3.0) - content: none, framework: net10, net11, net20, net30, net35, net40, net40-full, net45, net451, net452, net453
      Microsoft.NETCore.Platforms (>= 1.1.0)
      Microsoft.NETCore.Targets (>= 1.1.0)
    runtime.native.System.Security.Cryptography.Apple (4.3.0) - content: none, framework: net10, net11, net20, net30, net35, net40, net40-full, net45, net451, net452, net453
      runtime.osx.10.10-x64.runtime.native.System.Security.Cryptography.Apple (>= 4.3.0)
    runtime.native.System.Security.Cryptography.OpenSsl (4.3.0) - content: none, framework: net10, net11, net20, net30, net35, net40, net40-full, net45, net451, net452, net453
      runtime.debian.8-x64.runtime.native.System.Security.Cryptography.OpenSsl (>= 4.3.0)
      runtime.fedora.23-x64.runtime.native.System.Security.Cryptography.OpenSsl (>= 4.3.0)
      runtime.fedora.24-x64.runtime.native.System.Security.Cryptography.OpenSsl (>= 4.3.0)
      runtime.opensuse.13.2-x64.runtime.native.System.Security.Cryptography.OpenSsl (>= 4.3.0)
      runtime.opensuse.42.1-x64.runtime.native.System.Security.Cryptography.OpenSsl (>= 4.3.0)
      runtime.osx.10.10-x64.runtime.native.System.Security.Cryptography.OpenSsl (>= 4.3.0)
      runtime.rhel.7-x64.runtime.native.System.Security.Cryptography.OpenSsl (>= 4.3.0)
      runtime.ubuntu.14.04-x64.runtime.native.System.Security.Cryptography.OpenSsl (>= 4.3.0)
      runtime.ubuntu.16.04-x64.runtime.native.System.Security.Cryptography.OpenSsl (>= 4.3.0)
      runtime.ubuntu.16.10-x64.runtime.native.System.Security.Cryptography.OpenSsl (>= 4.3.0)
    runtime.opensuse.13.2-x64.runtime.native.System.Security.Cryptography.OpenSsl (4.3.0) - content: none, framework: net10, net11, net20, net30, net35, net40, net40-full, net45, net451, net452, net453
    runtime.opensuse.42.1-x64.runtime.native.System.Security.Cryptography.OpenSsl (4.3.0) - content: none, framework: net10, net11, net20, net30, net35, net40, net40-full, net45, net451, net452, net453
    runtime.osx.10.10-x64.runtime.native.System.Security.Cryptography.Apple (4.3.0) - content: none, framework: net10, net11, net20, net30, net35, net40, net40-full, net45, net451, net452, net453
    runtime.osx.10.10-x64.runtime.native.System.Security.Cryptography.OpenSsl (4.3.0) - content: none, framework: net10, net11, net20, net30, net35, net40, net40-full, net45, net451, net452, net453
    runtime.rhel.7-x64.runtime.native.System.Security.Cryptography.OpenSsl (4.3.0) - content: none, framework: net10, net11, net20, net30, net35, net40, net40-full, net45, net451, net452, net453
    runtime.ubuntu.14.04-x64.runtime.native.System.Security.Cryptography.OpenSsl (4.3.0) - content: none, framework: net10, net11, net20, net30, net35, net40, net40-full, net45, net451, net452, net453
    runtime.ubuntu.16.04-x64.runtime.native.System.Security.Cryptography.OpenSsl (4.3.0) - content: none, framework: net10, net11, net20, net30, net35, net40, net40-full, net45, net451, net452, net453
    runtime.ubuntu.16.10-x64.runtime.native.System.Security.Cryptography.OpenSsl (4.3.0) - content: none, framework: net10, net11, net20, net30, net35, net40, net40-full, net45, net451, net452, net453
    SourceLink.Fake (1.1.0) - content: none
    System.AppContext (4.3.0) - content: none
      System.Collections (>= 4.3.0) - framework: dnxcore50
      System.Resources.ResourceManager (>= 4.3.0) - framework: dnxcore50
      System.Runtime (>= 4.3.0) - framework: dnxcore50
      System.Threading (>= 4.3.0) - framework: dnxcore50
    System.Buffers (4.3.0) - content: none, framework: net10, net11, net20, net30, net35, net40, net40-full, net45, net451, net452, net453, dnxcore50
      System.Diagnostics.Debug (>= 4.3.0) - framework: net10, net11, net20, net30, net35, net40, net40-full
      System.Diagnostics.Tracing (>= 4.3.0) - framework: net10, net11, net20, net30, net35, net40, net40-full
      System.Resources.ResourceManager (>= 4.3.0) - framework: net10, net11, net20, net30, net35, net40, net40-full
      System.Runtime (>= 4.3.0) - framework: net10, net11, net20, net30, net35, net40, net40-full
      System.Threading (>= 4.3.0) - framework: net10, net11, net20, net30, net35, net40, net40-full
    System.Collections (4.3.0) - content: none
      Microsoft.NETCore.Platforms (>= 1.1.0) - framework: dnxcore50
      Microsoft.NETCore.Targets (>= 1.1.0) - framework: dnxcore50
      System.Runtime (>= 4.3.0) - framework: dnxcore50
    System.Collections.Concurrent (4.3.0) - content: none
      System.Collections (>= 4.3.0) - framework: dnxcore50
      System.Diagnostics.Debug (>= 4.3.0) - framework: dnxcore50
      System.Diagnostics.Tracing (>= 4.3.0) - framework: dnxcore50
      System.Globalization (>= 4.3.0) - framework: dnxcore50
      System.Reflection (>= 4.3.0) - framework: net10, net11, net20, net30, net35, net40, net40-full
      System.Resources.ResourceManager (>= 4.3.0) - framework: dnxcore50
      System.Runtime (>= 4.3.0) - framework: dnxcore50
      System.Runtime.Extensions (>= 4.3.0) - framework: dnxcore50
      System.Threading (>= 4.3.0) - framework: dnxcore50
      System.Threading.Tasks (>= 4.3.0) - framework: dnxcore50
    System.Collections.NonGeneric (4.3.0) - content: none, framework: net10, net11
      System.Diagnostics.Debug (>= 4.3.0) - framework: net10, net11, net20, net30, net35, net40, net40-full, net45, net451, net452, net453
      System.Globalization (>= 4.3.0) - framework: net10, net11, net20, net30, net35, net40, net40-full, net45, net451, net452, net453
      System.Resources.ResourceManager (>= 4.3.0) - framework: net10, net11, net20, net30, net35, net40, net40-full, net45, net451, net452, net453
      System.Runtime (>= 4.3.0) - framework: net10, net11, net20, net30, net35, net40, net40-full, net45, net451, net452, net453
      System.Runtime.Extensions (>= 4.3.0) - framework: net10, net11, net20, net30, net35, net40, net40-full, net45, net451, net452, net453
      System.Threading (>= 4.3.0) - framework: net10, net11, net20, net30, net35, net40, net40-full, net45, net451, net452, net453
    System.Collections.Specialized (4.3.0) - content: none, framework: net10, net11
      System.Collections.NonGeneric (>= 4.3.0) - framework: net10, net11, net20, net30, net35, net40, net40-full, net45, net451, net452, net453
      System.Globalization (>= 4.3.0) - framework: net10, net11, net20, net30, net35, net40, net40-full, net45, net451, net452, net453
      System.Globalization.Extensions (>= 4.3.0) - framework: net10, net11, net20, net30, net35, net40, net40-full, net45, net451, net452, net453
      System.Resources.ResourceManager (>= 4.3.0) - framework: net10, net11, net20, net30, net35, net40, net40-full, net45, net451, net452, net453
      System.Runtime (>= 4.3.0) - framework: net10, net11, net20, net30, net35, net40, net40-full, net45, net451, net452, net453
      System.Runtime.Extensions (>= 4.3.0) - framework: net10, net11, net20, net30, net35, net40, net40-full, net45, net451, net452, net453
      System.Threading (>= 4.3.0) - framework: net10, net11, net20, net30, net35, net40, net40-full, net45, net451, net452, net453
    System.ComponentModel (4.3.0) - content: none, framework: net10, net11
    System.ComponentModel.TypeConverter (4.3.0) - content: none, framework: net10, net11
      System.Collections (>= 4.3.0) - framework: net10, net11, net20, net30, net35, net40, net40-full
      System.Collections.NonGeneric (>= 4.3.0) - framework: net10, net11, net20, net30, net35, net40, net40-full
      System.Collections.Specialized (>= 4.3.0) - framework: net10, net11, net20, net30, net35, net40, net40-full
      System.ComponentModel (>= 4.3.0) - framework: net10, net11, net20, net30, net35, net40, net40-full
      System.Globalization (>= 4.3.0) - framework: net10, net11, net20, net30, net35, net40, net40-full
      System.Linq (>= 4.3.0) - framework: net10, net11, net20, net30, net35, net40, net40-full
      System.Reflection (>= 4.3.0) - framework: net10, net11, net20, net30, net35, net40, net40-full
      System.Reflection.Extensions (>= 4.3.0) - framework: net10, net11, net20, net30, net35, net40, net40-full
      System.Reflection.Primitives (>= 4.3.0) - framework: net10, net11, net20, net30, net35, net40, net40-full
      System.Reflection.TypeExtensions (>= 4.3.0) - framework: net10, net11, net20, net30, net35, net40, net40-full
      System.Resources.ResourceManager (>= 4.3.0) - framework: net10, net11, net20, net30, net35, net40, net40-full
      System.Runtime (>= 4.3.0) - framework: net10, net11, net20, net30, net35, net40, net40-full
      System.Runtime.Extensions (>= 4.3.0) - framework: net10, net11, net20, net30, net35, net40, net40-full
      System.Threading (>= 4.3.0) - framework: net10, net11, net20, net30, net35, net40, net40-full
    System.Console (4.3.0) - content: none
      Microsoft.NETCore.Platforms (>= 1.1.0) - framework: net10, net11, net20, net30, net35, net40, net40-full, net45, net451, net452, net453
      Microsoft.NETCore.Targets (>= 1.1.0) - framework: net10, net11, net20, net30, net35, net40, net40-full, net45, net451, net452, net453
      System.IO (>= 4.3.0) - framework: net10, net11, net20, net30, net35, net40, net40-full, net45, net451, net452, net453
      System.Runtime (>= 4.3.0) - framework: net10, net11, net20, net30, net35, net40, net40-full, net45, net451, net452, net453
      System.Text.Encoding (>= 4.3.0) - framework: net10, net11, net20, net30, net35, net40, net40-full, net45, net451, net452, net453
    System.Diagnostics.Debug (4.3.0) - content: none
      Microsoft.NETCore.Platforms (>= 1.1.0) - framework: dnxcore50
      Microsoft.NETCore.Targets (>= 1.1.0) - framework: dnxcore50
      System.Runtime (>= 4.3.0) - framework: dnxcore50
    System.Diagnostics.DiagnosticSource (4.3.0) - content: none, framework: dnxcore50
    System.Diagnostics.Tools (4.3.0) - content: none
      Microsoft.NETCore.Platforms (>= 1.1.0) - framework: dnxcore50
      Microsoft.NETCore.Targets (>= 1.1.0) - framework: dnxcore50
      System.Runtime (>= 4.3.0) - framework: dnxcore50
    System.Diagnostics.Tracing (4.3.0) - content: none
      Microsoft.NETCore.Platforms (>= 1.1.0) - framework: dnxcore50
      Microsoft.NETCore.Targets (>= 1.1.0) - framework: dnxcore50
      System.Runtime (>= 4.3.0) - framework: dnxcore50
    System.Globalization (4.3.0) - content: none
      Microsoft.NETCore.Platforms (>= 1.1.0) - framework: dnxcore50
      Microsoft.NETCore.Targets (>= 1.1.0) - framework: dnxcore50
      System.Runtime (>= 4.3.0) - framework: dnxcore50
    System.Globalization.Calendars (4.3.0) - content: none
      Microsoft.NETCore.Platforms (>= 1.1.0) - framework: net10, net11, net20, net30, net35, net40, net40-full, net45, net451, net452, net453
      Microsoft.NETCore.Targets (>= 1.1.0) - framework: net10, net11, net20, net30, net35, net40, net40-full, net45, net451, net452, net453
      System.Globalization (>= 4.3.0) - framework: net10, net11, net20, net30, net35, net40, net40-full, net45, net451, net452, net453
      System.Runtime (>= 4.3.0) - framework: net10, net11, net20, net30, net35, net40, net40-full, net45, net451, net452, net453
    System.Globalization.Extensions (4.3.0) - content: none, framework: net10, net11, net20, net30, net35, net40, net40-full
      Microsoft.NETCore.Platforms (>= 1.1.0) - framework: net10, net11, net20, net30, net35, net40, net40-full, net45, net451, net452, net453
      System.Globalization (>= 4.3.0) - framework: net10, net11, net20, net30, net35, net40, net40-full, net45, net451, net452, net453
      System.Resources.ResourceManager (>= 4.3.0) - framework: net10, net11, net20, net30, net35, net40, net40-full, net45, net451, net452, net453
      System.Runtime (>= 4.3.0) - framework: net10, net11, net20, net30, net35, net40, net40-full, net45, net451, net452, net453
      System.Runtime.Extensions (>= 4.3.0) - framework: net10, net11, net20, net30, net35, net40, net40-full, net45, net451, net452, net453
      System.Runtime.InteropServices (>= 4.3.0) - framework: net10, net11, net20, net30, net35, net40, net40-full, net45, net451, net452, net453
    System.IO (4.3.0) - content: none
      Microsoft.NETCore.Platforms (>= 1.1.0) - framework: dnxcore50
      Microsoft.NETCore.Targets (>= 1.1.0) - framework: dnxcore50
      System.Runtime (>= 4.3.0) - framework: dnxcore50
      System.Text.Encoding (>= 4.3.0) - framework: dnxcore50
      System.Threading.Tasks (>= 4.3.0) - framework: dnxcore50
    System.IO.Compression (4.3.0) - content: none
      Microsoft.NETCore.Platforms (>= 1.1.0) - framework: net10, net11, net20, net30, net35, net40, net40-full
      runtime.native.System (>= 4.3.0) - framework: net10, net11, net20, net30, net35, net40, net40-full
      runtime.native.System.IO.Compression (>= 4.3.0) - framework: dnxcore50
      System.Buffers (>= 4.3.0) - framework: dnxcore50
      System.Collections (>= 4.3.0) - framework: dnxcore50
      System.Diagnostics.Debug (>= 4.3.0) - framework: dnxcore50
      System.IO (>= 4.3.0) - framework: dnxcore50
      System.Resources.ResourceManager (>= 4.3.0) - framework: dnxcore50
      System.Runtime (>= 4.3.0) - framework: dnxcore50
      System.Runtime.Extensions (>= 4.3.0) - framework: dnxcore50
      System.Runtime.Handles (>= 4.3.0) - framework: dnxcore50
      System.Runtime.InteropServices (>= 4.3.0) - framework: dnxcore50
      System.Text.Encoding (>= 4.3.0) - framework: dnxcore50
      System.Threading (>= 4.3.0) - framework: dnxcore50
      System.Threading.Tasks (>= 4.3.0) - framework: dnxcore50
    System.IO.Compression.ZipFile (4.3.0) - content: none
      System.Buffers (>= 4.3.0) - framework: net10, net11, net20, net30, net35, net40, net40-full, net45, net451, net452, net453
      System.IO (>= 4.3.0) - framework: net10, net11, net20, net30, net35, net40, net40-full, net45, net451, net452, net453
      System.IO.Compression (>= 4.3.0) - framework: net10, net11, net20, net30, net35, net40, net40-full, net45, net451, net452, net453
      System.IO.FileSystem (>= 4.3.0) - framework: net10, net11, net20, net30, net35, net40, net40-full, net45, net451, net452, net453
      System.IO.FileSystem.Primitives (>= 4.3.0) - framework: net10, net11, net20, net30, net35, net40, net40-full, net45, net451, net452, net453
      System.Resources.ResourceManager (>= 4.3.0) - framework: net10, net11, net20, net30, net35, net40, net40-full, net45, net451, net452, net453
      System.Runtime (>= 4.3.0) - framework: net10, net11, net20, net30, net35, net40, net40-full, net45, net451, net452, net453
      System.Runtime.Extensions (>= 4.3.0) - framework: net10, net11, net20, net30, net35, net40, net40-full, net45, net451, net452, net453
      System.Text.Encoding (>= 4.3.0) - framework: net10, net11, net20, net30, net35, net40, net40-full, net45, net451, net452, net453
    System.IO.FileSystem (4.3.0) - content: none
      Microsoft.NETCore.Platforms (>= 1.1.0) - framework: net10, net11, net20, net30, net35, net40, net40-full, net45, net451, net452, net453
      Microsoft.NETCore.Targets (>= 1.1.0) - framework: net10, net11, net20, net30, net35, net40, net40-full, net45, net451, net452, net453
      System.IO (>= 4.3.0) - framework: net10, net11, net20, net30, net35, net40, net40-full, net45, net451, net452, net453
      System.IO.FileSystem.Primitives (>= 4.3.0) - framework: >= net46
      System.Runtime (>= 4.3.0) - framework: net10, net11, net20, net30, net35, net40, net40-full, net45, net451, net452, net453
      System.Runtime.Handles (>= 4.3.0) - framework: net10, net11, net20, net30, net35, net40, net40-full, net45, net451, net452, net453
      System.Text.Encoding (>= 4.3.0) - framework: net10, net11, net20, net30, net35, net40, net40-full, net45, net451, net452, net453
      System.Threading.Tasks (>= 4.3.0) - framework: net10, net11, net20, net30, net35, net40, net40-full, net45, net451, net452, net453
    System.IO.FileSystem.Primitives (4.3.0) - content: none
      System.Runtime (>= 4.3.0) - framework: net10, net11, net20, net30, net35, net40, net40-full, net45, net451, net452, net453
    System.Linq (4.3.0) - content: none
      System.Collections (>= 4.3.0) - framework: dnxcore50
      System.Diagnostics.Debug (>= 4.3.0) - framework: dnxcore50
      System.Resources.ResourceManager (>= 4.3.0) - framework: dnxcore50
      System.Runtime (>= 4.3.0) - framework: dnxcore50
      System.Runtime.Extensions (>= 4.3.0) - framework: dnxcore50
    System.Linq.Expressions (4.3.0) - content: none
      System.Collections (>= 4.3.0) - framework: dnxcore50
      System.Diagnostics.Debug (>= 4.3.0) - framework: dnxcore50
      System.Globalization (>= 4.3.0) - framework: dnxcore50
      System.IO (>= 4.3.0) - framework: dnxcore50
      System.Linq (>= 4.3.0) - framework: dnxcore50
      System.ObjectModel (>= 4.3.0) - framework: net10, net11, net20, net30, net35, net40, net40-full
      System.Reflection (>= 4.3.0) - framework: dnxcore50
      System.Reflection.Emit (>= 4.3.0) - framework: net10, net11, net20, net30, net35, net40, net40-full
      System.Reflection.Emit.ILGeneration (>= 4.3.0) - framework: dnxcore50
      System.Reflection.Emit.Lightweight (>= 4.3.0) - framework: dnxcore50
      System.Reflection.Extensions (>= 4.3.0) - framework: dnxcore50
      System.Reflection.Primitives (>= 4.3.0) - framework: dnxcore50
      System.Reflection.TypeExtensions (>= 4.3.0) - framework: dnxcore50
      System.Resources.ResourceManager (>= 4.3.0) - framework: dnxcore50
      System.Runtime (>= 4.3.0) - framework: dnxcore50
      System.Runtime.Extensions (>= 4.3.0) - framework: dnxcore50
      System.Threading (>= 4.3.0) - framework: dnxcore50
    System.Linq.Queryable (4.3.0) - content: none
      System.Collections (>= 4.3.0) - framework: dnxcore50
      System.Diagnostics.Debug (>= 4.3.0) - framework: dnxcore50
      System.Linq (>= 4.3.0) - framework: dnxcore50
      System.Linq.Expressions (>= 4.3.0) - framework: dnxcore50
      System.Reflection (>= 4.3.0) - framework: dnxcore50
      System.Reflection.Extensions (>= 4.3.0) - framework: dnxcore50
      System.Resources.ResourceManager (>= 4.3.0) - framework: dnxcore50
      System.Runtime (>= 4.3.0) - framework: dnxcore50
    System.Net.Http (4.3.1) - content: none
      Microsoft.NETCore.Platforms (>= 1.1.0) - framework: dnxcore50
      Microsoft.Win32.Primitives (>= 4.3.0) - framework: net10, net11, net20, net30, net35, net40, net40-full
      runtime.native.System (>= 4.3.0) - framework: net10, net11, net20, net30, net35, net40, net40-full
      runtime.native.System.Net.Http (>= 4.3.0) - framework: net10, net11, net20, net30, net35, net40, net40-full
      runtime.native.System.Security.Cryptography.OpenSsl (>= 4.3.0) - framework: net10, net11, net20, net30, net35, net40, net40-full
      System.Collections (>= 4.3.0) - framework: dnxcore50
      System.Diagnostics.Debug (>= 4.3.0) - framework: dnxcore50
      System.Diagnostics.DiagnosticSource (>= 4.3.0) - framework: dnxcore50
      System.Diagnostics.Tracing (>= 4.3.0) - framework: dnxcore50
      System.Globalization (>= 4.3.0) - framework: dnxcore50
      System.Globalization.Extensions (>= 4.3.0) - framework: net10, net11, net20, net30, net35, net40, net40-full
      System.IO (>= 4.3.0) - framework: dnxcore50
      System.IO.Compression (>= 4.3.0) - framework: net10, net11, net20, net30, net35, net40, net40-full
      System.IO.FileSystem (>= 4.3.0) - framework: net10, net11, net20, net30, net35, net40, net40-full
      System.Net.Primitives (>= 4.3.0) - framework: dnxcore50
      System.Resources.ResourceManager (>= 4.3.0) - framework: dnxcore50
      System.Runtime (>= 4.3.0) - framework: dnxcore50
      System.Runtime.Extensions (>= 4.3.0) - framework: dnxcore50
      System.Runtime.Handles (>= 4.3.0) - framework: net10, net11, net20, net30, net35, net40, net40-full
      System.Runtime.InteropServices (>= 4.3.0) - framework: dnxcore50
      System.Runtime.WindowsRuntime (>= 4.3.0) - framework: dnxcore50
      System.Security.Cryptography.Algorithms (>= 4.3.0) - framework: net10, net11, net20, net30, net35, net40, net40-full
      System.Security.Cryptography.Encoding (>= 4.3.0) - framework: net10, net11, net20, net30, net35, net40, net40-full
      System.Security.Cryptography.OpenSsl (>= 4.3.0) - framework: net10, net11, net20, net30, net35, net40, net40-full
      System.Security.Cryptography.Primitives (>= 4.3.0) - framework: net10, net11, net20, net30, net35, net40, net40-full
      System.Security.Cryptography.X509Certificates (>= 4.3.0) - framework: >= net46, dnxcore50
      System.Text.Encoding (>= 4.3.0) - framework: dnxcore50
      System.Text.Encoding.Extensions (>= 4.3.0) - framework: dnxcore50
      System.Threading (>= 4.3.0) - framework: dnxcore50
      System.Threading.Tasks (>= 4.3.0) - framework: dnxcore50
    System.Net.Primitives (4.3.0) - content: none
      Microsoft.NETCore.Platforms (>= 1.1.0) - framework: dnxcore50
      Microsoft.NETCore.Targets (>= 1.1.0) - framework: dnxcore50
      System.Runtime (>= 4.3.0) - framework: dnxcore50
      System.Runtime.Handles (>= 4.3.0) - framework: dnxcore50
    System.Net.Requests (4.3.0) - content: none
      Microsoft.NETCore.Platforms (>= 1.1.0) - framework: net10, net11, net20, net30, net35, net40, net40-full
      System.Collections (>= 4.3.0) - framework: dnxcore50
      System.Diagnostics.Debug (>= 4.3.0) - framework: dnxcore50
      System.Diagnostics.Tracing (>= 4.3.0) - framework: dnxcore50
      System.Globalization (>= 4.3.0) - framework: dnxcore50
      System.IO (>= 4.3.0) - framework: dnxcore50
      System.Net.Http (>= 4.3.0) - framework: dnxcore50
      System.Net.Primitives (>= 4.3.0) - framework: dnxcore50
      System.Net.WebHeaderCollection (>= 4.3.0) - framework: dnxcore50
      System.Resources.ResourceManager (>= 4.3.0) - framework: dnxcore50
      System.Runtime (>= 4.3.0) - framework: dnxcore50
      System.Threading (>= 4.3.0) - framework: dnxcore50
      System.Threading.Tasks (>= 4.3.0) - framework: dnxcore50
    System.Net.Sockets (4.3.0) - content: none
      Microsoft.NETCore.Platforms (>= 1.1.0) - framework: net10, net11, net20, net30, net35, net40, net40-full, net45, net451, net452, net453
      Microsoft.NETCore.Targets (>= 1.1.0) - framework: net10, net11, net20, net30, net35, net40, net40-full, net45, net451, net452, net453
      System.IO (>= 4.3.0) - framework: net10, net11, net20, net30, net35, net40, net40-full, net45, net451, net452, net453
      System.Net.Primitives (>= 4.3.0) - framework: net10, net11, net20, net30, net35, net40, net40-full, net45, net451, net452, net453
      System.Runtime (>= 4.3.0) - framework: net10, net11, net20, net30, net35, net40, net40-full, net45, net451, net452, net453
      System.Threading.Tasks (>= 4.3.0) - framework: net10, net11, net20, net30, net35, net40, net40-full, net45, net451, net452, net453
    System.Net.WebHeaderCollection (4.3.0) - content: none, framework: dnxcore50
    System.ObjectModel (4.3.0) - content: none
      System.Collections (>= 4.3.0) - framework: dnxcore50
      System.Diagnostics.Debug (>= 4.3.0) - framework: dnxcore50
      System.Resources.ResourceManager (>= 4.3.0) - framework: dnxcore50
      System.Runtime (>= 4.3.0) - framework: dnxcore50
      System.Threading (>= 4.3.0) - framework: dnxcore50
    System.Reflection (4.3.0) - content: none
      Microsoft.NETCore.Platforms (>= 1.1.0) - framework: dnxcore50
      Microsoft.NETCore.Targets (>= 1.1.0) - framework: dnxcore50
      System.IO (>= 4.3.0) - framework: dnxcore50
      System.Reflection.Primitives (>= 4.3.0) - framework: dnxcore50
      System.Runtime (>= 4.3.0) - framework: dnxcore50
    System.Reflection.Emit (4.3.0) - content: none, framework: net10, net11, net20, net30, net35, net40, net40-full
      System.IO (>= 4.3.0) - framework: net10, net11, net20, net30, net35, net40, net40-full
      System.Reflection (>= 4.3.0) - framework: net10, net11, net20, net30, net35, net40, net40-full
      System.Reflection.Emit.ILGeneration (>= 4.3.0) - framework: net10, net11, net20, net30, net35, net40, net40-full
      System.Reflection.Primitives (>= 4.3.0) - framework: net10, net11, net20, net30, net35, net40, net40-full
      System.Runtime (>= 4.3.0) - framework: net10, net11, net20, net30, net35, net40, net40-full
    System.Reflection.Emit.ILGeneration (4.3.0) - content: none, framework: net10, net11, net20, net30, net35, net40, net40-full, dnxcore50
    System.Reflection.Emit.Lightweight (4.3.0) - content: none, framework: dnxcore50
    System.Reflection.Extensions (4.3.0) - content: none
      Microsoft.NETCore.Platforms (>= 1.1.0) - framework: dnxcore50
      Microsoft.NETCore.Targets (>= 1.1.0) - framework: dnxcore50
      System.Reflection (>= 4.3.0) - framework: dnxcore50
      System.Runtime (>= 4.3.0) - framework: dnxcore50
    System.Reflection.Primitives (4.3.0) - content: none
      Microsoft.NETCore.Platforms (>= 1.1.0) - framework: dnxcore50
      Microsoft.NETCore.Targets (>= 1.1.0) - framework: dnxcore50
      System.Runtime (>= 4.3.0) - framework: dnxcore50
    System.Reflection.TypeExtensions (4.3.0) - content: none, framework: net10, net11, dnxcore50
    System.Resources.ResourceManager (4.3.0) - content: none
      Microsoft.NETCore.Platforms (>= 1.1.0) - framework: dnxcore50
      Microsoft.NETCore.Targets (>= 1.1.0) - framework: dnxcore50
      System.Globalization (>= 4.3.0) - framework: dnxcore50
      System.Reflection (>= 4.3.0) - framework: dnxcore50
      System.Runtime (>= 4.3.0) - framework: dnxcore50
    System.Runtime (4.3.0) - content: none
      Microsoft.NETCore.Platforms (>= 1.1.0) - framework: dnxcore50
      Microsoft.NETCore.Targets (>= 1.1.0) - framework: dnxcore50
    System.Runtime.Extensions (4.3.0) - content: none
      Microsoft.NETCore.Platforms (>= 1.1.0) - framework: dnxcore50
      Microsoft.NETCore.Targets (>= 1.1.0) - framework: dnxcore50
      System.Runtime (>= 4.3.0) - framework: dnxcore50
    System.Runtime.Handles (4.3.0) - content: none
      Microsoft.NETCore.Platforms (>= 1.1.0) - framework: net10, net11, net20, net30, net35, net40, net40-full, net45, net451, net452, net453
      Microsoft.NETCore.Targets (>= 1.1.0) - framework: net10, net11, net20, net30, net35, net40, net40-full, net45, net451, net452, net453
      System.Runtime (>= 4.3.0) - framework: net10, net11, net20, net30, net35, net40, net40-full, net45, net451, net452, net453
    System.Runtime.InteropServices (4.3.0) - content: none
      Microsoft.NETCore.Platforms (>= 1.1.0) - framework: dnxcore50
      Microsoft.NETCore.Targets (>= 1.1.0) - framework: dnxcore50
      System.Reflection (>= 4.3.0) - framework: dnxcore50
      System.Reflection.Primitives (>= 4.3.0) - framework: dnxcore50
      System.Runtime (>= 4.3.0) - framework: dnxcore50
      System.Runtime.Handles (>= 4.3.0) - framework: dnxcore50
    System.Runtime.InteropServices.RuntimeInformation (4.3.0) - content: none
      Microsoft.NETCore.Platforms (>= 1.1.0) - framework: dnxcore50
      runtime.native.System (>= 4.3.0) - framework: net10, net11, net20, net30, net35, net40, net40-full
      System.Reflection (>= 4.3.0) - framework: dnxcore50
      System.Reflection.Extensions (>= 4.3.0) - framework: dnxcore50
      System.Resources.ResourceManager (>= 4.3.0) - framework: dnxcore50
      System.Runtime (>= 4.3.0) - framework: dnxcore50
      System.Runtime.InteropServices (>= 4.3.0) - framework: net10, net11, net20, net30, net35, net40, net40-full
      System.Threading (>= 4.3.0) - framework: dnxcore50
    System.Runtime.Numerics (4.3.0) - content: none
      System.Globalization (>= 4.3.0) - framework: dnxcore50
      System.Resources.ResourceManager (>= 4.3.0) - framework: dnxcore50
      System.Runtime (>= 4.3.0) - framework: dnxcore50
      System.Runtime.Extensions (>= 4.3.0) - framework: dnxcore50
    System.Runtime.Serialization.Formatters (4.3.0) - content: none, framework: net10, net11
      System.Collections (>= 4.3.0) - framework: net10, net11, net20, net30, net35, net40, net40-full, net45, net451, net452, net453
      System.Reflection (>= 4.3.0) - framework: net10, net11, net20, net30, net35, net40, net40-full, net45, net451, net452, net453
      System.Resources.ResourceManager (>= 4.3.0) - framework: net10, net11, net20, net30, net35, net40, net40-full, net45, net451, net452, net453
      System.Runtime (>= 4.3.0) - framework: net10, net11, net20, net30, net35, net40, net40-full, net45, net451, net452, net453
    System.Runtime.Serialization.Primitives (4.3.0) - content: none, framework: net10, net11
    System.Runtime.WindowsRuntime (4.3.0) - content: none, framework: dnxcore50
      Microsoft.NETCore.Platforms (>= 1.1.0) - framework: dnxcore50
      System.Diagnostics.Debug (>= 4.3.0) - framework: dnxcore50
      System.Globalization (>= 4.3.0) - framework: dnxcore50
      System.IO (>= 4.3.0) - framework: dnxcore50
      System.ObjectModel (>= 4.3.0) - framework: dnxcore50
      System.Resources.ResourceManager (>= 4.3.0) - framework: dnxcore50
      System.Runtime (>= 4.3.0) - framework: dnxcore50
      System.Runtime.Extensions (>= 4.3.0) - framework: dnxcore50
      System.Runtime.InteropServices (>= 4.3.0) - framework: dnxcore50
      System.Threading (>= 4.3.0) - framework: dnxcore50
      System.Threading.Tasks (>= 4.3.0) - framework: dnxcore50
    System.Security.Cryptography.Algorithms (4.3.0) - content: none
      Microsoft.NETCore.Platforms (>= 1.1.0) - framework: dnxcore50
      runtime.native.System.Security.Cryptography.Apple (>= 4.3.0) - framework: net10, net11, net20, net30, net35, net40, net40-full, net45, net451, net452, net453
      runtime.native.System.Security.Cryptography.OpenSsl (>= 4.3.0) - framework: net10, net11, net20, net30, net35, net40, net40-full, net45, net451, net452, net453
      System.Collections (>= 4.3.0) - framework: net10, net11, net20, net30, net35, net40, net40-full, net45, net451, net452, net453
      System.IO (>= 4.3.0) - framework: dnxcore50
      System.Resources.ResourceManager (>= 4.3.0) - framework: dnxcore50
      System.Runtime (>= 4.3.0) - framework: dnxcore50
      System.Runtime.Extensions (>= 4.3.0) - framework: dnxcore50
      System.Runtime.Handles (>= 4.3.0) - framework: dnxcore50
      System.Runtime.InteropServices (>= 4.3.0) - framework: dnxcore50
      System.Runtime.Numerics (>= 4.3.0) - framework: net10, net11, net20, net30, net35, net40, net40-full, net45, net451, net452, net453
      System.Security.Cryptography.Encoding (>= 4.3.0) - framework: dnxcore50
      System.Security.Cryptography.Primitives (>= 4.3.0) - framework: >= net46, dnxcore50
      System.Text.Encoding (>= 4.3.0) - framework: dnxcore50
    System.Security.Cryptography.Cng (4.3.0) - content: none, framework: dnxcore50
      System.Security.Cryptography.Algorithms (>= 4.3.0)
      System.Security.Cryptography.Primitives (>= 4.3.0)
    System.Security.Cryptography.Csp (4.3.0) - content: none, framework: net10, net11, net20, net30, net35, net40, net40-full, net45, net451, net452, net453
      Microsoft.NETCore.Platforms (>= 1.1.0) - framework: net10, net11, net20, net30, net35, net40, net40-full, net45, net451, net452, net453
      System.IO (>= 4.3.0) - framework: net10, net11, net20, net30, net35, net40, net40-full, net45, net451, net452, net453
      System.Reflection (>= 4.3.0) - framework: net10, net11, net20, net30, net35, net40, net40-full, net45, net451, net452, net453
      System.Resources.ResourceManager (>= 4.3.0) - framework: net10, net11, net20, net30, net35, net40, net40-full, net45, net451, net452, net453
      System.Runtime (>= 4.3.0) - framework: net10, net11, net20, net30, net35, net40, net40-full, net45, net451, net452, net453
      System.Runtime.Extensions (>= 4.3.0) - framework: net10, net11, net20, net30, net35, net40, net40-full, net45, net451, net452, net453
      System.Runtime.Handles (>= 4.3.0) - framework: net10, net11, net20, net30, net35, net40, net40-full, net45, net451, net452, net453
      System.Runtime.InteropServices (>= 4.3.0) - framework: net10, net11, net20, net30, net35, net40, net40-full, net45, net451, net452, net453
      System.Security.Cryptography.Encoding (>= 4.3.0) - framework: net10, net11, net20, net30, net35, net40, net40-full, net45, net451, net452, net453
      System.Text.Encoding (>= 4.3.0) - framework: net10, net11, net20, net30, net35, net40, net40-full, net45, net451, net452, net453
      System.Threading (>= 4.3.0) - framework: net10, net11, net20, net30, net35, net40, net40-full, net45, net451, net452, net453
    System.Security.Cryptography.Encoding (4.3.0) - content: none
      Microsoft.NETCore.Platforms (>= 1.1.0) - framework: net10, net11, net20, net30, net35, net40, net40-full, net45, net451, net452, net453
      runtime.native.System.Security.Cryptography.OpenSsl (>= 4.3.0) - framework: net10, net11, net20, net30, net35, net40, net40-full, net45, net451, net452, net453
      System.Collections (>= 4.3.0) - framework: net10, net11, net20, net30, net35, net40, net40-full, net45, net451, net452, net453
      System.Collections.Concurrent (>= 4.3.0) - framework: net10, net11, net20, net30, net35, net40, net40-full, net45, net451, net452, net453
      System.Linq (>= 4.3.0) - framework: net10, net11, net20, net30, net35, net40, net40-full, net45, net451, net452, net453
      System.Resources.ResourceManager (>= 4.3.0) - framework: net10, net11, net20, net30, net35, net40, net40-full, net45, net451, net452, net453
      System.Runtime (>= 4.3.0) - framework: net10, net11, net20, net30, net35, net40, net40-full, net45, net451, net452, net453
      System.Runtime.Extensions (>= 4.3.0) - framework: net10, net11, net20, net30, net35, net40, net40-full, net45, net451, net452, net453
      System.Runtime.Handles (>= 4.3.0) - framework: net10, net11, net20, net30, net35, net40, net40-full, net45, net451, net452, net453
      System.Runtime.InteropServices (>= 4.3.0) - framework: net10, net11, net20, net30, net35, net40, net40-full, net45, net451, net452, net453
      System.Security.Cryptography.Primitives (>= 4.3.0) - framework: net10, net11, net20, net30, net35, net40, net40-full, net45, net451, net452, net453
      System.Text.Encoding (>= 4.3.0) - framework: net10, net11, net20, net30, net35, net40, net40-full, net45, net451, net452, net453
    System.Security.Cryptography.OpenSsl (4.3.0) - content: none, framework: net10, net11, net20, net30, net35, net40, net40-full, net45, net451, net452, net453
      runtime.native.System.Security.Cryptography.OpenSsl (>= 4.3.0)
      System.Collections (>= 4.3.0)
      System.IO (>= 4.3.0)
      System.Resources.ResourceManager (>= 4.3.0)
      System.Runtime (>= 4.3.0)
      System.Runtime.Extensions (>= 4.3.0)
      System.Runtime.Handles (>= 4.3.0)
      System.Runtime.InteropServices (>= 4.3.0)
      System.Runtime.Numerics (>= 4.3.0)
      System.Security.Cryptography.Algorithms (>= 4.3.0)
      System.Security.Cryptography.Encoding (>= 4.3.0)
      System.Security.Cryptography.Primitives (>= 4.3.0)
      System.Text.Encoding (>= 4.3.0)
    System.Security.Cryptography.Primitives (4.3.0) - content: none
      System.Diagnostics.Debug (>= 4.3.0) - framework: net10, net11, net20, net30, net35, net40, net40-full, net45, net451, net452, net453
      System.Globalization (>= 4.3.0) - framework: net10, net11, net20, net30, net35, net40, net40-full, net45, net451, net452, net453
      System.IO (>= 4.3.0) - framework: net10, net11, net20, net30, net35, net40, net40-full, net45, net451, net452, net453
      System.Resources.ResourceManager (>= 4.3.0) - framework: net10, net11, net20, net30, net35, net40, net40-full, net45, net451, net452, net453
      System.Runtime (>= 4.3.0) - framework: net10, net11, net20, net30, net35, net40, net40-full, net45, net451, net452, net453
      System.Threading (>= 4.3.0) - framework: net10, net11, net20, net30, net35, net40, net40-full, net45, net451, net452, net453
      System.Threading.Tasks (>= 4.3.0) - framework: net10, net11, net20, net30, net35, net40, net40-full, net45, net451, net452, net453
    System.Security.Cryptography.X509Certificates (4.3.0) - content: none
      Microsoft.NETCore.Platforms (>= 1.1.0) - framework: dnxcore50
      runtime.native.System (>= 4.3.0) - framework: net10, net11, net20, net30, net35, net40, net40-full, net45, net451, net452, net453
      runtime.native.System.Net.Http (>= 4.3.0) - framework: net10, net11, net20, net30, net35, net40, net40-full, net45, net451, net452, net453
      runtime.native.System.Security.Cryptography.OpenSsl (>= 4.3.0) - framework: net10, net11, net20, net30, net35, net40, net40-full, net45, net451, net452, net453
      System.Collections (>= 4.3.0) - framework: dnxcore50
      System.Diagnostics.Debug (>= 4.3.0) - framework: net10, net11, net20, net30, net35, net40, net40-full, net45, net451, net452, net453
      System.Globalization (>= 4.3.0) - framework: dnxcore50
      System.Globalization.Calendars (>= 4.3.0) - framework: dnxcore50
      System.IO (>= 4.3.0) - framework: dnxcore50
      System.IO.FileSystem (>= 4.3.0) - framework: dnxcore50
      System.IO.FileSystem.Primitives (>= 4.3.0) - framework: net10, net11, net20, net30, net35, net40, net40-full, net45, net451, net452, net453
      System.Resources.ResourceManager (>= 4.3.0) - framework: dnxcore50
      System.Runtime (>= 4.3.0) - framework: dnxcore50
      System.Runtime.Extensions (>= 4.3.0) - framework: dnxcore50
      System.Runtime.Handles (>= 4.3.0) - framework: dnxcore50
      System.Runtime.InteropServices (>= 4.3.0) - framework: dnxcore50
      System.Runtime.Numerics (>= 4.3.0) - framework: dnxcore50
      System.Security.Cryptography.Algorithms (>= 4.3.0) - framework: >= net46, dnxcore50
      System.Security.Cryptography.Cng (>= 4.3.0) - framework: dnxcore50
      System.Security.Cryptography.Csp (>= 4.3.0) - framework: net10, net11, net20, net30, net35, net40, net40-full, net45, net451, net452, net453
      System.Security.Cryptography.Encoding (>= 4.3.0) - framework: >= net46, dnxcore50
      System.Security.Cryptography.OpenSsl (>= 4.3.0) - framework: net10, net11, net20, net30, net35, net40, net40-full, net45, net451, net452, net453
      System.Security.Cryptography.Primitives (>= 4.3.0) - framework: dnxcore50
      System.Text.Encoding (>= 4.3.0) - framework: dnxcore50
      System.Threading (>= 4.3.0) - framework: dnxcore50
    System.Text.Encoding (4.3.0) - content: none
      Microsoft.NETCore.Platforms (>= 1.1.0) - framework: dnxcore50
      Microsoft.NETCore.Targets (>= 1.1.0) - framework: dnxcore50
      System.Runtime (>= 4.3.0) - framework: dnxcore50
    System.Text.Encoding.Extensions (4.3.0) - content: none
      Microsoft.NETCore.Platforms (>= 1.1.0) - framework: dnxcore50
      Microsoft.NETCore.Targets (>= 1.1.0) - framework: dnxcore50
      System.Runtime (>= 4.3.0) - framework: dnxcore50
      System.Text.Encoding (>= 4.3.0) - framework: dnxcore50
    System.Text.RegularExpressions (4.3.0) - content: none
      System.Collections (>= 4.3.0) - framework: dnxcore50
      System.Globalization (>= 4.3.0) - framework: dnxcore50
      System.Resources.ResourceManager (>= 4.3.0) - framework: dnxcore50
      System.Runtime (>= 4.3.0) - framework: dnxcore50
      System.Runtime.Extensions (>= 4.3.0) - framework: dnxcore50
      System.Threading (>= 4.3.0) - framework: dnxcore50
    System.Threading (4.3.0) - content: none
      System.Runtime (>= 4.3.0) - framework: dnxcore50
      System.Threading.Tasks (>= 4.3.0) - framework: dnxcore50
    System.Threading.Tasks (4.3.0) - content: none
      Microsoft.NETCore.Platforms (>= 1.1.0) - framework: dnxcore50
      Microsoft.NETCore.Targets (>= 1.1.0) - framework: dnxcore50
      System.Runtime (>= 4.3.0) - framework: dnxcore50
    System.Threading.Tasks.Extensions (4.3.0) - content: none, framework: dnxcore50
    System.Threading.Tasks.Parallel (4.3.0) - content: none
      System.Collections.Concurrent (>= 4.3.0) - framework: dnxcore50
      System.Diagnostics.Debug (>= 4.3.0) - framework: dnxcore50
      System.Diagnostics.Tracing (>= 4.3.0) - framework: dnxcore50
      System.Resources.ResourceManager (>= 4.3.0) - framework: dnxcore50
      System.Runtime (>= 4.3.0) - framework: dnxcore50
      System.Runtime.Extensions (>= 4.3.0) - framework: dnxcore50
      System.Threading (>= 4.3.0) - framework: dnxcore50
      System.Threading.Tasks (>= 4.3.0) - framework: dnxcore50
    System.Threading.Thread (4.3.0) - content: none
      System.Runtime (>= 4.3.0) - framework: net10, net11, net20, net30, net35, net40, net40-full, net45, net451, net452, net453
    System.Threading.ThreadPool (4.3.0) - content: none
      System.Runtime (>= 4.3.0) - framework: net10, net11, net20, net30, net35, net40, net40-full, net45, net451, net452, net453
      System.Runtime.Handles (>= 4.3.0) - framework: net10, net11, net20, net30, net35, net40, net40-full, net45, net451, net452, net453
    System.Threading.Timer (4.3.0) - content: none
      Microsoft.NETCore.Platforms (>= 1.1.0) - framework: dnxcore50
      Microsoft.NETCore.Targets (>= 1.1.0) - framework: dnxcore50
      System.Runtime (>= 4.3.0) - framework: dnxcore50
    System.ValueTuple (4.3.0) - content: none
      System.Collections (>= 4.3.0) - framework: net10, net11, net20, net30, net35, net40, net40-full
      System.Resources.ResourceManager (>= 4.3.0) - framework: net10, net11, net20, net30, net35, net40, net40-full
      System.Runtime (>= 4.3.0) - framework: net10, net11, net20, net30, net35, net40, net40-full
    System.Xml.ReaderWriter (4.3.0) - content: none
      System.Collections (>= 4.3.0) - framework: dnxcore50
      System.Diagnostics.Debug (>= 4.3.0) - framework: dnxcore50
      System.Globalization (>= 4.3.0) - framework: dnxcore50
      System.IO (>= 4.3.0) - framework: dnxcore50
      System.IO.FileSystem (>= 4.3.0) - framework: dnxcore50
      System.IO.FileSystem.Primitives (>= 4.3.0) - framework: dnxcore50
      System.Resources.ResourceManager (>= 4.3.0) - framework: dnxcore50
      System.Runtime (>= 4.3.0) - framework: dnxcore50
      System.Runtime.Extensions (>= 4.3.0) - framework: dnxcore50
      System.Runtime.InteropServices (>= 4.3.0) - framework: dnxcore50
      System.Text.Encoding (>= 4.3.0) - framework: dnxcore50
      System.Text.Encoding.Extensions (>= 4.3.0) - framework: dnxcore50
      System.Text.RegularExpressions (>= 4.3.0) - framework: dnxcore50
      System.Threading.Tasks (>= 4.3.0) - framework: dnxcore50
      System.Threading.Tasks.Extensions (>= 4.3.0) - framework: dnxcore50
    System.Xml.XDocument (4.3.0) - content: none
      System.Collections (>= 4.3.0) - framework: dnxcore50
      System.Diagnostics.Debug (>= 4.3.0) - framework: dnxcore50
      System.Diagnostics.Tools (>= 4.3.0) - framework: dnxcore50
      System.Globalization (>= 4.3.0) - framework: dnxcore50
      System.IO (>= 4.3.0) - framework: dnxcore50
      System.Reflection (>= 4.3.0) - framework: dnxcore50
      System.Resources.ResourceManager (>= 4.3.0) - framework: dnxcore50
      System.Runtime (>= 4.3.0) - framework: dnxcore50
      System.Runtime.Extensions (>= 4.3.0) - framework: dnxcore50
      System.Text.Encoding (>= 4.3.0) - framework: dnxcore50
      System.Threading (>= 4.3.0) - framework: dnxcore50
      System.Xml.ReaderWriter (>= 4.3.0) - framework: dnxcore50
    System.Xml.XmlDocument (4.3.0) - content: none, framework: net10, net11
      System.Collections (>= 4.3.0) - framework: net10, net11, net20, net30, net35, net40, net40-full, net45, net451, net452, net453
      System.Diagnostics.Debug (>= 4.3.0) - framework: net10, net11, net20, net30, net35, net40, net40-full, net45, net451, net452, net453
      System.Globalization (>= 4.3.0) - framework: net10, net11, net20, net30, net35, net40, net40-full, net45, net451, net452, net453
      System.IO (>= 4.3.0) - framework: net10, net11, net20, net30, net35, net40, net40-full, net45, net451, net452, net453
      System.Resources.ResourceManager (>= 4.3.0) - framework: net10, net11, net20, net30, net35, net40, net40-full, net45, net451, net452, net453
      System.Runtime (>= 4.3.0) - framework: net10, net11, net20, net30, net35, net40, net40-full, net45, net451, net452, net453
      System.Runtime.Extensions (>= 4.3.0) - framework: net10, net11, net20, net30, net35, net40, net40-full, net45, net451, net452, net453
      System.Text.Encoding (>= 4.3.0) - framework: net10, net11, net20, net30, net35, net40, net40-full, net45, net451, net452, net453
      System.Threading (>= 4.3.0) - framework: net10, net11, net20, net30, net35, net40, net40-full, net45, net451, net452, net453
      System.Xml.ReaderWriter (>= 4.3.0) - framework: net10, net11, net20, net30, net35, net40, net40-full, net45, net451, net452, net453
  remote: https://vrvis.myget.org/F/aardvark_public
  specs:
    Paket.Core.Temp (2.52.16) - content: none
      Chessie
      FSharp.Core
      Newtonsoft.Json
GITHUB
  remote: vrvis/Aardvark.Fake
  specs:
    FULLPROJECT (eb782182b4f3b4f468ca18a7dc79239912de012a)
      FAKE (>= 4.17.0 < 4.18.0)
      Mono.Cecil (>= 0.9.5.4 < 0.9.6.0)
      Paket.Core.Temp (>= 2.52.10 < 2.53.0)
      SourceLink.Fake (>= 1.1.0 < 1.2.0)